GEM
  remote: https://rubygems.org/
  specs:
    colorize (0.8.1)

PLATFORMS
  ruby

DEPENDENCIES
  colorize (= 0.8.1)

RUBY VERSION
   ruby 2.6.5p114

BUNDLED WITH
   2.1.4
